PATH
  remote: .
  specs:
    cli-kit (5.0.0)
      cli-ui (~> 2.0)

GEM
  remote: https://rubygems.org/
  specs:
    ansi (1.5.0)
    ast (2.4.2)
    builder (3.2.4)
    byebug (11.1.3)
    cli-ui (2.2.3)
    docile (1.4.0)
    erubi (1.12.0)
    json (2.7.2)
    language_server-protocol (3.17.0.3)
    method_source (1.1.0)
    minitest (5.22.3)
    minitest-reporters (1.6.1)
      ansi
      builder
      minitest (>= 5.0)
      ruby-progressbar
    mocha (2.2.0)
      ruby2_keywords (>= 0.0.5)
    netrc (0.11.0)
    parallel (1.24.0)
    parser (3.3.1.0)
      ast (~> 2.4.1)
      racc
    prism (0.26.0)
    racc (1.7.3)
    rainbow (3.1.1)
    rake (13.2.1)
    rbi (0.1.11)
      prism (>= 0.18.0, < 0.27)
      sorbet-runtime (>= 0.5.9204)
    regexp_parser (2.9.0)
    rexml (3.2.6)
    rubocop (1.63.4)
      json (~> 2.3)
      language_server-protocol (>= 3.17.0)
      parallel (~> 1.10)
      parser (>= 3.3.0.2)
      rainbow (>= 2.2.2, < 4.0)
      regexp_parser (>= 1.8, < 3.0)
      rexml (>= 3.2.5, < 4.0)
      rubocop-ast (>= 1.31.1, < 2.0)
      ruby-progressbar (~> 1.7)
      unicode-display_width (>= 2.4.0, < 3.0)
    rubocop-ast (1.31.3)
      parser (>= 3.3.1.0)
    rubocop-rake (0.6.0)
      rubocop (~> 1.0)
    rubocop-shopify (2.15.1)
      rubocop (~> 1.51)
    rubocop-sorbet (0.8.3)
      rubocop (>= 0.90.0)
    ruby-progressbar (1.13.0)
    ruby2_keywords (0.0.5)
    simplecov (0.22.0)
      docile (~> 1.1)
      simplecov-html (~> 0.11)
      simplecov_json_formatter (~> 0.1)
    simplecov-html (0.12.3)
    simplecov_json_formatter (0.1.4)
    sorbet (0.5.11368)
      sorbet-static (= 0.5.11368)
    sorbet-runtime (0.5.11368)
    sorbet-static (0.5.11368-universal-darwin)
    sorbet-static (0.5.11368-x86_64-linux)
    sorbet-static-and-runtime (0.5.11368)
      sorbet (= 0.5.11368)
      sorbet-runtime (= 0.5.11368)
    spoom (1.3.0)
      erubi (>= 1.10.0)
      prism (>= 0.19.0)
      sorbet-static-and-runtime (>= 0.5.10187)
      thor (>= 0.19.2)
    tapioca (0.13.3)
      bundler (>= 2.2.25)
      netrc (>= 0.11.0)
      parallel (>= 1.21.0)
      rbi (>= 0.1.4, < 0.2)
      sorbet-static-and-runtime (>= 0.5.11087)
      spoom (>= 1.2.0)
      thor (>= 1.2.0)
      yard-sorbet
    thor (1.3.1)
    unicode-display_width (2.5.0)
    yard (0.9.36)
    yard-sorbet (0.8.1)
      sorbet-runtime (>= 0.5)
      yard (>= 0.9)

PLATFORMS
  arm64-darwin-21
  universal-darwin
  x64-mingw-ucrt
  x64-mingw32
  x86_64-linux

DEPENDENCIES
  bundler (~> 2.1)
  byebug
  cli-kit!
  cli-ui
  method_source
  minitest (>= 5.0.0)
  minitest-reporters
  mocha (~> 2.2.0)
  rake (~> 13.0)
  rubocop
  rubocop-rake
  rubocop-shopify
  rubocop-sorbet
  simplecov
  sorbet-static-and-runtime
  tapioca

BUNDLED WITH
   2.4.9
