PATH
  remote: .
  specs:
    cli-kit (5.2.0)
      cli-ui (~> 2.4)

GEM
  remote: https://rubygems.org/
  specs:
    ansi (1.5.0)
    ast (2.4.3)
    builder (3.3.0)
    byebug (12.0.0)
    cli-ui (2.6.0)
    coderay (1.1.3)
    commander (5.0.0)
      highline (~> 3.0.0)
    docile (1.4.1)
    erubi (1.13.1)
    highline (3.0.1)
    json (2.15.1)
    language_server-protocol (3.17.0.5)
    lint_roller (1.1.0)
    logger (1.7.0)
    method_source (1.1.0)
    minitest (5.25.5)
    minitest-reporters (1.7.1)
      ansi
      builder
      minitest (>= 5.0)
      ruby-progressbar
    mocha (2.4.5)
      ruby2_keywords (>= 0.0.5)
    parallel (1.27.0)
    parlour (9.1.2)
      commander (~> 5.0)
      parser
      rainbow (~> 3.0)
      sorbet-runtime (>= 0.5)
    parser (3.3.9.0)
      ast (~> 2.4.1)
      racc
    prism (1.5.1)
    pry (0.15.2)
      coderay (~> 1.1)
      method_source (~> 1.0)
    racc (1.8.1)
    rainbow (3.1.1)
    rake (13.3.0)
    rbi (0.3.6)
      prism (~> 1.0)
      rbs (>= 3.4.4)
    rbs (3.9.5)
      logger
    regexp_parser (2.11.3)
    rexml (3.4.4)
    rubocop (1.81.1)
      json (~> 2.3)
      language_server-protocol (~> 3.17.0.2)
      lint_roller (~> 1.1.0)
      parallel (~> 1.10)
      parser (>= 3.3.0.2)
      rainbow (>= 2.2.2, < 4.0)
      regexp_parser (>= 2.9.3, < 3.0)
      rubocop-ast (>= 1.47.1, < 2.0)
      ruby-progressbar (~> 1.7)
      unicode-display_width (>= 2.4.0, < 4.0)
    rubocop-ast (1.47.1)
      parser (>= 3.3.7.2)
      prism (~> 1.4)
    rubocop-rake (0.7.1)
      lint_roller (~> 1.1)
      rubocop (>= 1.72.1)
    rubocop-shopify (2.17.1)
      rubocop (~> 1.62)
    rubocop-sorbet (0.10.5)
      lint_roller
      rubocop (>= 1.75.2)
    ruby-progressbar (1.13.0)
    ruby2_keywords (0.0.5)
    simplecov (0.22.0)
      docile (~> 1.1)
      simplecov-html (~> 0.11)
      simplecov_json_formatter (~> 0.1)
    simplecov-html (0.13.2)
    simplecov_json_formatter (0.1.4)
    sorbet (0.6.12627)
      sorbet-static (= 0.6.12627)
    sorbet-runtime (0.6.12627)
    sorbet-static (0.6.12627-aarch64-linux)
    sorbet-static (0.6.12627-universal-darwin)
    sorbet-static (0.6.12627-x86_64-linux)
    sorbet-static-and-runtime (0.6.12627)
      sorbet (= 0.6.12627)
      sorbet-runtime (= 0.6.12627)
    spoom (1.6.3)
      erubi (>= 1.10.0)
      prism (>= 0.28.0)
      rbi (>= 0.3.3)
      rexml (>= 3.2.6)
      sorbet-static-and-runtime (>= 0.5.10187)
      thor (>= 0.19.2)
    tapioca (0.4.13)
      parlour (>= 2.1.0)
      pry (>= 0.12.2)
      sorbet-runtime
      sorbet-static (>= 0.4.4471)
      spoom
      thor (>= 0.19.2)
    thor (1.4.0)
    unicode-display_width (3.2.0)
      unicode-emoji (~> 4.1)
    unicode-emoji (4.1.0)

PLATFORMS
  aarch64-linux
  universal-darwin
  x86_64-linux

DEPENDENCIES
  bundler (~> 2.1)
  byebug
  cli-kit!
  cli-ui
  method_source
  minitest (>= 5.0.0)
  minitest-reporters
  mocha (~> 2.4.0)
  rake (~> 13.0)
  rubocop
  rubocop-rake
  rubocop-shopify
  rubocop-sorbet
  simplecov
  sorbet-static
  tapioca

BUNDLED WITH
   2.6.7
