PATH
  remote: .
  specs:
    cli-kit (3.3.0)
      cli-ui (>= 1.1.4)

GEM
  remote: https://rubygems.org/
  specs:
    ansi (1.5.0)
    ast (2.4.2)
    builder (3.2.4)
    byebug (11.1.3)
    cli-ui (1.5.1)
    method_source (1.0.0)
    minitest (5.14.4)
    minitest-reporters (1.4.3)
      ansi
      builder
      minitest (>= 5.0)
      ruby-progressbar
    mocha (1.13.0)
    parallel (1.21.0)
    parser (3.0.2.0)
      ast (~> 2.4.1)
    rainbow (3.0.0)
    rake (13.0.6)
    regexp_parser (2.1.1)
    rexml (3.2.5)
    rubocop (1.22.3)
      parallel (~> 1.10)
      parser (>= 3.0.0.0)
      rainbow (>= 2.2.2, < 4.0)
      regexp_parser (>= 1.8, < 3.0)
      rexml
      rubocop-ast (>= 1.12.0, < 2.0)
      ruby-progressbar (~> 1.7)
      unicode-display_width (>= 1.4.0, < 3.0)
    rubocop-ast (1.12.0)
      parser (>= 3.0.1.1)
    rubocop-shopify (2.3.0)
      rubocop (~> 1.22)
    ruby-progressbar (1.11.0)
    unicode-display_width (2.1.0)

PLATFORMS
  ruby

DEPENDENCIES
  bundler (~> 2.1)
  byebug
  cli-kit!
  method_source
  minitest (>= 5.0.0)
  minitest-reporters
  mocha (~> 1.13.0)
  rake (~> 13.0)
  rubocop
  rubocop-shopify

BUNDLED WITH
   2.2.24
