GIT
  remote: https://github.com/Shopify/cli-ui
  revision: 0eefd57248f42ec163639884e77a071d82bfbda8
  ref: 0eefd57248f42ec163639884e77a071d82bfbda8
  specs:
    cli-ui (1.5.1)

PATH
  remote: .
  specs:
    cli-kit (4.0.0)
      cli-ui (>= 1.1.4)

GEM
  remote: https://rubygems.org/
  specs:
    ansi (1.5.0)
    ast (2.4.2)
    builder (3.2.4)
    byebug (11.1.3)
    coderay (1.1.3)
    diff-lcs (1.5.0)
    docile (1.4.0)
    method_source (1.0.0)
    minitest (5.15.0)
    minitest-reporters (1.5.0)
      ansi
      builder
      minitest (>= 5.0)
      ruby-progressbar
    mocha (1.13.0)
    parallel (1.22.1)
    parser (3.1.2.0)
      ast (~> 2.4.1)
    pry (0.14.1)
      coderay (~> 1.1)
      method_source (~> 1.0)
    rainbow (3.1.1)
    rake (13.0.6)
    rbi (0.0.14)
      ast
      parser (>= 2.6.4.0)
      sorbet-runtime (>= 0.5.9204)
      unparser
    regexp_parser (2.3.1)
    rexml (3.2.5)
    rubocop (1.28.2)
      parallel (~> 1.10)
      parser (>= 3.1.0.0)
      rainbow (>= 2.2.2, < 4.0)
      regexp_parser (>= 1.8, < 3.0)
      rexml
      rubocop-ast (>= 1.17.0, < 2.0)
      ruby-progressbar (~> 1.7)
      unicode-display_width (>= 1.4.0, < 3.0)
    rubocop-ast (1.17.0)
      parser (>= 3.1.1.0)
    rubocop-rake (0.6.0)
      rubocop (~> 1.0)
    rubocop-shopify (2.5.0)
      rubocop (~> 1.25)
    rubocop-sorbet (0.6.7)
      rubocop (>= 0.90.0)
    ruby-progressbar (1.11.0)
    simplecov (0.21.2)
      docile (~> 1.1)
      simplecov-html (~> 0.11)
      simplecov_json_formatter (~> 0.1)
    simplecov-html (0.12.3)
    simplecov_json_formatter (0.1.3)
    sorbet (0.5.9928)
      sorbet-static (= 0.5.9928)
    sorbet-runtime (0.5.9928)
    sorbet-static (0.5.9928-universal-darwin-14)
    sorbet-static (0.5.9928-universal-darwin-15)
    sorbet-static (0.5.9928-universal-darwin-16)
    sorbet-static (0.5.9928-universal-darwin-17)
    sorbet-static (0.5.9928-universal-darwin-18)
    sorbet-static (0.5.9928-universal-darwin-19)
    sorbet-static (0.5.9928-universal-darwin-20)
    sorbet-static (0.5.9928-universal-darwin-21)
    sorbet-static (0.5.9928-x86_64-linux)
    sorbet-static-and-runtime (0.5.9928)
      sorbet (= 0.5.9928)
      sorbet-runtime (= 0.5.9928)
    spoom (1.1.11)
      sorbet (>= 0.5.9204)
      sorbet-runtime (>= 0.5.9204)
      thor (>= 0.19.2)
    tapioca (0.7.2)
      bundler (>= 1.17.3)
      pry (>= 0.12.2)
      rbi (~> 0.0.0, >= 0.0.14)
      sorbet-runtime (>= 0.5.9204)
      sorbet-static (>= 0.5.9204)
      spoom (~> 1.1.0, >= 1.1.11)
      thor (>= 1.2.0)
      yard-sorbet
    thor (1.2.1)
    unicode-display_width (2.1.0)
    unparser (0.6.5)
      diff-lcs (~> 1.3)
      parser (>= 3.1.0)
    webrick (1.7.0)
    yard (0.9.27)
      webrick (~> 1.7.0)
    yard-sorbet (0.6.1)
      sorbet-runtime (>= 0.5)
      yard (>= 0.9)

PLATFORMS
  ruby

DEPENDENCIES
  bundler (~> 2.1)
  byebug
  cli-kit!
  cli-ui!
  method_source
  minitest (>= 5.0.0)
  minitest-reporters
  mocha (~> 1.13.0)
  rake (~> 13.0)
  rubocop
  rubocop-rake
  rubocop-shopify
  rubocop-sorbet
  simplecov
  sorbet-static-and-runtime
  tapioca

BUNDLED WITH
   2.2.24
